GEM
  specs:

GEM
  remote: https://rubygems.org/
  specs:
    activesupport (3.2.22.5)
      i18n (~> 0.6, >= 0.6.4)
      multi_json (~> 1.0)
    concurrent-ruby (1.1.10)
    daemons (1.3.1)
    eventmachine (1.2.7)
    haml (3.1.8)
    i18n (0.9.5)
      concurrent-ruby (~> 1.0)
    mail (2.7.1)
      mini_mime (>= 0.1.1)
    mailcatcher (0.5.9)
      activesupport (~> 3.0)
      eventmachine (~> 1.0)
      haml (~> 3.1)
      mail (~> 2.3)
      sinatra (~> 1.2)
      skinny
      sqlite3 (~> 1.3)
      thin
    mini_mime (1.0.1)
    multi_json (1.15.0)
    rack (1.6.11)
    rack-protection (1.5.5)
      rack
    sinatra (1.4.8)
      rack (~> 1.5)
      rack-protection (~> 1.4)
      tilt (>= 1.3, < 3)
    skinny (0.2.2)
      eventmachine (~> 1.0)
      thin
    sqlite3 (1.4.0)
    thin (1.8.1)
      daemons (~> 1.0, >= 1.0.9)
      eventmachine (~> 1.0, >= 1.0.4)
      rack (>= 1, < 3)
    tilt (2.0.9)

PLATFORMS
  ruby

DEPENDENCIES
  eventmachine (~> 1.2.7)!
  mailcatcher!
  sqlite3 (~> 1.4.0)!

BUNDLED WITH
   2.3.24
